GEM
  remote: https://rubygems.org/
  specs:
    generator (0.0.1)
    lazy_priority_queue (0.1.1)
    rgl (0.5.6)
      lazy_priority_queue (~> 0.1.0)
      stream (~> 0.5.2)
    stream (0.5.3)
      generator

PLATFORMS
  ruby

DEPENDENCIES
  rgl (~> 0.5)

RUBY VERSION
   ruby 2.7.1p83

BUNDLED WITH
   2.1.4
